GIT
  remote: https://github.com/faker-ruby/faker.git
  revision: d113aabf335ca0bbea2223a8136c2161b7f43659
  branch: master
  specs:
    faker (2.22.0)
      i18n (>= 1.8.11, < 2)

GIT
  remote: https://github.com/mmotherwell/best_in_place
  revision: 88eb3052623a9a6cd346864d2aca05021c2f80d0
  specs:
    best_in_place (3.1.1)
      actionpack (>= 3.2)
      railties (>= 3.2)

GEM
  remote: https://rubygems.org/
  specs:
    actioncable (7.0.3.1)
      actionpack (= 7.0.3.1)
      activesupport (= 7.0.3.1)
      nio4r (~> 2.0)
      websocket-driver (>= 0.6.1)
    actionmailbox (7.0.3.1)
      actionpack (= 7.0.3.1)
      activejob (= 7.0.3.1)
      activerecord (= 7.0.3.1)
      activestorage (= 7.0.3.1)
      activesupport (= 7.0.3.1)
      mail (>= 2.7.1)
      net-imap
      net-pop
      net-smtp
    actionmailer (7.0.3.1)
      actionpack (= 7.0.3.1)
      actionview (= 7.0.3.1)
      activejob (= 7.0.3.1)
      activesupport (= 7.0.3.1)
      mail (~> 2.5, >= 2.5.4)
      net-imap
      net-pop
      net-smtp
      rails-dom-testing (~> 2.0)
    actionpack (7.0.3.1)
      actionview (= 7.0.3.1)
      activesupport (= 7.0.3.1)
      rack (~> 2.0, >= 2.2.0)
      rack-test (>= 0.6.3)
      rails-dom-testing (~> 2.0)
      rails-html-sanitizer (~> 1.0, >= 1.2.0)
    actiontext (7.0.3.1)
      actionpack (= 7.0.3.1)
      activerecord (= 7.0.3.1)
      activestorage (= 7.0.3.1)
      activesupport (= 7.0.3.1)
      globalid (>= 0.6.0)
      nokogiri (>= 1.8.5)
    actionview (7.0.3.1)
      activesupport (= 7.0.3.1)
      builder (~> 3.1)
      erubi (~> 1.4)
      rails-dom-testing (~> 2.0)
      rails-html-sanitizer (~> 1.1, >= 1.2.0)
    activeadmin (2.13.1)
      arbre (~> 1.2, >= 1.2.1)
      formtastic (>= 3.1, < 5.0)
      formtastic_i18n (~> 0.4)
      inherited_resources (~> 1.7)
      jquery-rails (~> 4.2)
      kaminari (~> 1.0, >= 1.2.1)
      railties (>= 6.1, < 7.1)
      ransack (>= 2.1.1, < 4)
    activejob (7.0.3.1)
      activesupport (= 7.0.3.1)
      globalid (>= 0.3.6)
    activemodel (7.0.3.1)
      activesupport (= 7.0.3.1)
    activerecord (7.0.3.1)
      activemodel (= 7.0.3.1)
      activesupport (= 7.0.3.1)
    activestorage (7.0.3.1)
      actionpack (= 7.0.3.1)
      activejob (= 7.0.3.1)
      activerecord (= 7.0.3.1)
      activesupport (= 7.0.3.1)
      marcel (~> 1.0)
      mini_mime (>= 1.1.0)
    activesupport (7.0.3.1)
      concurrent-ruby (~> 1.0, >= 1.0.2)
      i18n (>= 1.6, < 2)
      minitest (>= 5.1)
      tzinfo (~> 2.0)
    addressable (2.8.1)
      public_suffix (>= 2.0.2, < 6.0)
    ansi (1.5.0)
    arbre (1.5.0)
      activesupport (>= 3.0.0, < 7.1)
      ruby2_keywords (>= 0.0.2, < 1.0)
    ast (2.4.2)
    autoprefixer-rails (10.4.7.0)
      execjs (~> 2)
    bcrypt (3.1.18)
    better_errors (2.9.1)
      coderay (>= 1.0.0)
      erubi (>= 1.0.0)
      rack (>= 0.9.0)
    bindex (0.8.1)
    bootsnap (1.13.0)
      msgpack (~> 1.2)
    bootstrap (5.2.0)
      autoprefixer-rails (>= 9.1.0)
      popper_js (>= 2.11.5, < 3)
      sassc-rails (>= 2.0.0)
    builder (3.2.4)
    capybara (3.37.1)
      addressable
      matrix
      mini_mime (>= 0.1.3)
      nokogiri (~> 1.8)
      rack (>= 1.6.0)
      rack-test (>= 0.6.3)
      regexp_parser (>= 1.5, < 3.0)
      xpath (~> 3.2)
    childprocess (4.1.0)
    coderay (1.1.3)
    concurrent-ruby (1.1.10)
    connection_pool (2.2.5)
    countries (5.1.2)
      sixarm_ruby_unaccent (~> 1.1)
    country_select (8.0.0)
      countries (~> 5.0)
    crass (1.0.6)
    dead_end (4.0.0)
    debug (1.6.2)
      irb (>= 1.3.6)
      reline (>= 0.3.1)
    devise (4.8.1)
      bcrypt (~> 3.0)
      orm_adapter (~> 0.1)
      railties (>= 4.1.0)
      responders
      warden (~> 1.2.3)
    digest (3.1.0)
    erubi (1.11.0)
    ethon (0.15.0)
      ffi (>= 1.15.0)
    execjs (2.8.1)
    ffi (1.15.5)
    figaro (1.2.0)
      thor (>= 0.14.0, < 2)
    filterrific (5.2.3)
    formtastic (4.0.0)
      actionpack (>= 5.2.0)
    formtastic_i18n (0.7.0)
    geocoder (1.8.0)
    globalid (1.0.0)
      activesupport (>= 5.0)
    google-maps (3.0.7)
      hashie (~> 4.1, >= 4.1.0)
      httpclient (~> 2.7, >= 2.7.1)
      multi_json (>= 1.15)
      ruby-hmac (~> 0.4.0)
    google_custom_search_api (2.0.0)
      addressable
      httparty
    google_places (2.0.0)
      httparty (>= 0.13.1)
    google_search_results (2.2.0)
    has_scope (0.8.0)
      actionpack (>= 5.2)
      activesupport (>= 5.2)
    hashie (4.1.0)
    httparty (0.20.0)
      mime-types (~> 3.0)
      multi_xml (>= 0.5.2)
    httpclient (2.8.3)
    i18n (1.12.0)
      concurrent-ruby (~> 1.0)
    image_info (1.2.2)
      addressable (~> 2.0)
      image_size (~> 2.0)
      typhoeus (~> 1.0)
    image_size (2.1.2)
    image_suckr (0.2.0)
    importmap-rails (1.1.5)
      actionpack (>= 6.0.0)
      railties (>= 6.0.0)
    inherited_resources (1.13.1)
      actionpack (>= 5.2, < 7.1)
      has_scope (~> 0.6)
      railties (>= 5.2, < 7.1)
      responders (>= 2, < 4)
    io-console (0.5.11)
    irb (1.4.1)
      reline (>= 0.3.0)
    iso8601 (0.9.1)
    jbuilder (2.11.5)
      actionview (>= 5.0.0)
      activesupport (>= 5.0.0)
    jquery-rails (4.5.0)
      rails-dom-testing (>= 1, < 3)
      railties (>= 4.2.0)
      thor (>= 0.14, < 2.0)
    jquery-ui-rails (6.0.1)
      railties (>= 3.2.16)
    json (2.6.1)
    kaminari (1.2.2)
      activesupport (>= 4.1.0)
      kaminari-actionview (= 1.2.2)
      kaminari-activerecord (= 1.2.2)
      kaminari-core (= 1.2.2)
    kaminari-actionview (1.2.2)
      actionview
      kaminari-core (= 1.2.2)
    kaminari-activerecord (1.2.2)
      activerecord
      kaminari-core (= 1.2.2)
    kaminari-core (1.2.2)
    link_thumbnailer (3.4.0)
      activesupport (>= 3.0)
      image_info (~> 1.0, >= 1.2.0)
      json (>= 1.7.7)
      net-http-persistent (>= 2.9)
      nokogiri (>= 1.6)
      rake (>= 0.9)
      video_info (>= 2.6)
    loofah (2.18.0)
      crass (~> 1.0.2)
      nokogiri (>= 1.5.9)
    mail (2.7.1)
      mini_mime (>= 0.1.1)
    marcel (1.0.2)
    material_icons (2.2.1)
      railties (>= 3.2)
    matrix (0.4.2)
    method_source (1.0.0)
    mime-types (3.4.1)
      mime-types-data (~> 3.2015)
    mime-types-data (3.2022.0105)
    mini_mime (1.1.2)
    minitest (5.16.3)
    msgpack (1.5.6)
    multi_json (1.15.0)
    multi_xml (0.6.0)
    net-http-persistent (4.0.1)
      connection_pool (~> 2.2)
    net-imap (0.2.3)
      digest
      net-protocol
      strscan
    net-pop (0.1.1)
      digest
      net-protocol
      timeout
    net-protocol (0.1.3)
      timeout
    net-smtp (0.3.1)
      digest
      net-protocol
      timeout
    net_http_timeout_errors (0.3.5)
    nio4r (2.5.8)
    nokogiri (1.13.8-x86_64-darwin)
      racc (~> 1.4)
    oga (3.4)
      ast
      ruby-ll (~> 2.1)
    orm_adapter (0.5.0)
    parallel (1.22.1)
    parser (3.1.2.1)
      ast (~> 2.4.1)
    pg (1.4.3)
    popper_js (2.11.5)
    public_suffix (5.0.0)
    puma (5.6.5)
      nio4r (~> 2.0)
    racc (1.6.0)
    rack (2.2.4)
    rack-test (2.0.2)
      rack (>= 1.3)
    rails (7.0.3.1)
      actioncable (= 7.0.3.1)
      actionmailbox (= 7.0.3.1)
      actionmailer (= 7.0.3.1)
      actionpack (= 7.0.3.1)
      actiontext (= 7.0.3.1)
      actionview (= 7.0.3.1)
      activejob (= 7.0.3.1)
      activemodel (= 7.0.3.1)
      activerecord (= 7.0.3.1)
      activestorage (= 7.0.3.1)
      activesupport (= 7.0.3.1)
      bundler (>= 1.15.0)
      railties (= 7.0.3.1)
    rails-dom-testing (2.0.3)
      activesupport (>= 4.2.0)
      nokogiri (>= 1.6)
    rails-html-sanitizer (1.4.3)
      loofah (~> 2.3)
    railties (7.0.3.1)
      actionpack (= 7.0.3.1)
      activesupport (= 7.0.3.1)
      method_source
      rake (>= 12.2)
      thor (~> 1.0)
      zeitwerk (~> 2.5)
    rainbow (3.1.1)
    rake (13.0.6)
    ransack (3.2.1)
      activerecord (>= 6.1.5)
      activesupport (>= 6.1.5)
      i18n
    regexp_parser (2.5.0)
    reline (0.3.1)
      io-console (~> 0.5)
    responders (3.0.1)
      actionpack (>= 5.0)
      railties (>= 5.0)
    rexml (3.2.5)
    roo (2.9.0)
      nokogiri (~> 1)
      rubyzip (>= 1.3.0, < 3.0.0)
    rubocop (1.35.1)
      json (~> 2.3)
      parallel (~> 1.10)
      parser (>= 3.1.2.1)
      rainbow (>= 2.2.2, < 4.0)
      regexp_parser (>= 1.8, < 3.0)
      rexml (>= 3.2.5, < 4.0)
      rubocop-ast (>= 1.20.1, < 2.0)
      ruby-progressbar (~> 1.7)
      unicode-display_width (>= 1.4.0, < 3.0)
    rubocop-ast (1.21.0)
      parser (>= 3.1.1.0)
    ruby-hmac (0.4.0)
    ruby-ll (2.1.2)
      ansi
      ast
    ruby-progressbar (1.11.0)
    ruby2_keywords (0.0.5)
    rubyzip (2.3.2)
    sassc (2.4.0)
      ffi (~> 1.9)
    sassc-rails (2.1.2)
      railties (>= 4.0.0)
      sassc (>= 2.0)
      sprockets (> 3.0)
      sprockets-rails
      tilt
    selenium-webdriver (4.4.0)
      childprocess (>= 0.5, < 5.0)
      rexml (~> 3.2, >= 3.2.5)
      rubyzip (>= 1.2.2, < 3.0)
      websocket (~> 1.0)
    simple_form (5.1.0)
      actionpack (>= 5.2)
      activemodel (>= 5.2)
    sixarm_ruby_unaccent (1.2.0)
    sprockets (4.1.1)
      concurrent-ruby (~> 1.0)
      rack (> 1, < 3)
    sprockets-rails (3.4.2)
      actionpack (>= 5.2)
      activesupport (>= 5.2)
      sprockets (>= 3.0.0)
    stimulus-rails (1.1.0)
      railties (>= 6.0.0)
    strscan (3.0.4)
    thor (1.2.1)
    tilt (2.0.11)
    timeout (0.3.0)
    turbo-rails (1.1.1)
      actionpack (>= 6.0.0)
      activejob (>= 6.0.0)
      railties (>= 6.0.0)
    typhoeus (1.4.0)
      ethon (>= 0.9.0)
    tzinfo (2.0.5)
      concurrent-ruby (~> 1.0)
    unicode-display_width (2.2.0)
    video_info (3.0.2)
      iso8601 (~> 0.9.1)
      net_http_timeout_errors (~> 0.3.0)
      oga (~> 3.0)
    warden (1.2.9)
      rack (>= 2.0.9)
    web-console (4.2.0)
      actionview (>= 6.0.0)
      activemodel (>= 6.0.0)
      bindex (>= 0.4.0)
      railties (>= 6.0.0)
    webdrivers (5.0.0)
      nokogiri (~> 1.6)
      rubyzip (>= 1.3.0)
      selenium-webdriver (~> 4.0)
    websocket (1.2.9)
    websocket-driver (0.7.5)
      websocket-extensions (>= 0.1.0)
    websocket-extensions (0.1.5)
    xpath (3.2.0)
      nokogiri (~> 1.8)
    zeitwerk (2.6.0)

PLATFORMS
  x86_64-darwin-20

DEPENDENCIES
  activeadmin
  best_in_place!
  better_errors (~> 2.9, >= 2.9.1)
  bootsnap
  bootstrap (~> 5.2.0)
  capybara
  country_select
  dead_end
  debug
  devise
  faker!
  figaro
  filterrific
  geocoder
  google-maps
  google_custom_search_api
  google_places
  google_search_results
  image_suckr
  importmap-rails
  jbuilder
  jquery-rails
  jquery-ui-rails
  link_thumbnailer
  material_icons
  pg (~> 1.1)
  puma (~> 5.0)
  rails (~> 7.0.3, >= 7.0.3.1)
  ransack
  roo
  rubocop
  sassc-rails
  selenium-webdriver
  simple_form (~> 5.1)
  sprockets-rails
  stimulus-rails
  turbo-rails
  tzinfo-data
  web-console
  webdrivers

RUBY VERSION
   ruby 3.1.2p20

BUNDLED WITH
   2.3.21
